GEM
  remote: https://rubygems.org/
  specs:
    ast (2.4.0)
    childprocess (0.9.0)
      ffi (~> 1.0, >= 1.0.11)
    coderay (1.1.2)
    diff-lcs (1.3)
    dotenv (2.6.0)
    equatable (0.5.0)
    ffi (1.10.0)
    jaro_winkler (1.5.2)
    method_source (0.9.2)
    mini_portile2 (2.4.0)
    necromancer (0.4.0)
    nokogiri (1.10.1)
      mini_portile2 (~> 2.4.0)
    parallel (1.13.0)
    parser (2.6.0.0)
      ast (~> 2.4.0)
    pastel (0.7.2)
      equatable (~> 0.5.0)
      tty-color (~> 0.4.0)
    powerpack (0.1.2)
    pry (0.12.2)
      coderay (~> 1.1.0)
      method_source (~> 0.9.0)
    rainbow (3.0.0)
    regexp_parser (1.3.0)
    rspec (3.8.0)
      rspec-core (~> 3.8.0)
      rspec-expectations (~> 3.8.0)
      rspec-mocks (~> 3.8.0)
    rspec-core (3.8.0)
      rspec-support (~> 3.8.0)
    rspec-expectations (3.8.2)
      diff-lcs (>= 1.2.0, < 2.0)
      rspec-support (~> 3.8.0)
    rspec-mocks (3.8.0)
      diff-lcs (>= 1.2.0, < 2.0)
      rspec-support (~> 3.8.0)
    rspec-support (3.8.0)
    rubocop (0.57.2)
      jaro_winkler (~> 1.5.1)
      parallel (~> 1.10)
      parser (>= 2.5)
      powerpack (~> 0.1)
      rainbow (>= 2.2.2, < 4.0)
      ruby-progressbar (~> 1.7)
      unicode-display_width (~> 1.0, >= 1.0.1)
    ruby-progressbar (1.10.0)
    rubyzip (1.2.2)
    selenium-webdriver (3.141.0)
      childprocess (~> 0.5)
      rubyzip (~> 1.2, >= 1.2.2)
    timers (4.3.0)
    tty-color (0.4.3)
    tty-cursor (0.6.0)
    tty-prompt (0.18.1)
      necromancer (~> 0.4.0)
      pastel (~> 0.7.0)
      timers (~> 4.0)
      tty-cursor (~> 0.6.0)
      tty-reader (~> 0.5.0)
    tty-reader (0.5.0)
      tty-cursor (~> 0.6.0)
      tty-screen (~> 0.6.4)
      wisper (~> 2.0.0)
    tty-screen (0.6.5)
    unicode-display_width (1.4.1)
    watir (6.16.5)
      regexp_parser (~> 1.2)
      selenium-webdriver (~> 3.6)
    wisper (2.0.0)

PLATFORMS
  ruby

DEPENDENCIES
  dotenv
  nokogiri
  pry
  rspec
  rubocop (~> 0.57.2)
  tty-prompt
  watir

RUBY VERSION
   ruby 2.5.1p57

BUNDLED WITH
   2.0.1
